PATH
  remote: .
  specs:
    tailor (1.2.1)
      log_switch (>= 0.3.0)
      nokogiri (>= 1.6.0)
      term-ansicolor (>= 1.0.5)
      text-table (>= 1.2.2)

GEM
  remote: https://rubygems.org/
  specs:
    aruba (0.5.1)
      childprocess (~> 0.3.6)
      cucumber (>= 1.1.1)
      rspec-expectations (>= 2.7.0)
    builder (3.2.0)
    childprocess (0.3.9)
      ffi (~> 1.0, >= 1.0.11)
    cucumber (1.2.2)
      builder (>= 2.1.2)
      diff-lcs (>= 1.1.3)
      gherkin (~> 2.11.6)
      multi_json (~> 1.3)
    diff-lcs (1.2.1)
    fakefs (0.4.2)
    ffi (1.4.0)
    ffi (1.4.0-java)
    gherkin (2.11.6)
      json (>= 1.7.6)
    gherkin (2.11.6-java)
      json (>= 1.7.6)
    json (1.7.7)
    json (1.7.7-java)
    log_switch (0.4.0)
    mini_portile (0.5.1)
    multi_json (1.6.1)
    nokogiri (1.6.0)
      mini_portile (~> 0.5.0)
    rake (10.0.3)
    rspec (2.13.0)
      rspec-core (~> 2.13.0)
      rspec-expectations (~> 2.13.0)
      rspec-mocks (~> 2.13.0)
    rspec-core (2.13.0)
    rspec-expectations (2.13.0)
      diff-lcs (>= 1.1.3, < 2.0)
    rspec-mocks (2.13.0)
    simplecov (0.7.1)
      multi_json (~> 1.0)
      simplecov-html (~> 0.7.1)
    simplecov-html (0.7.1)
    term-ansicolor (1.1.1)
    text-table (1.2.2)
    yard (0.8.5.2)

PLATFORMS
  java
  ruby

DEPENDENCIES
  aruba
  bundler
  cucumber (>= 1.0.2)
  fakefs (>= 0.4.2)
  rake
  rspec (>= 2.5.0)
  simplecov (>= 0.4.0)
  tailor!
  yard (>= 0.7.0)
